

GROUP addins
RESTRICTION: == netstandard2.0
NUGET
  remote: https://api.nuget.org/v3/index.json
    Cake.Figlet (1.3.1)
  remote: lib/Packages
    Cake.Paket (4.0.1)

GROUP modules
RESTRICTION: == netstandard2.0
NUGET
  remote: lib/Packages
    Cake.Paket.Module (4.0.1)

GROUP tools
RESTRICTION: == netstandard2.0
NUGET
  remote: https://api.nuget.org/v3/index.json
    JetBrains.ReSharper.CommandLineTools (2019.2.2)
    xunit.runner.console (2.4.1)
